GEM
  remote: http://rubygems.org/
  specs:
    addressable (2.2.6)
    callsite (0.0.4)
    em-http-request (0.3.0)
      addressable (>= 2.0.0)
      escape_utils
      eventmachine (>= 0.12.9)
    escape_utils (0.2.3)
    eventmachine (0.12.10)
    growl (1.0.3)
    json (1.5.1)
    load_path_find (0.0.6)
      callsite (>= 0.0.2)
    oauth (0.4.4)
    rainbow (1.1.1)
    yajl-ruby (0.8.2)

PLATFORMS
  ruby

DEPENDENCIES
  em-http-request (>= 0.2.7)
  eventmachine (>= 0.12.10)
  growl
  json
  load_path_find (>= 0.0.5)
  oauth (>= 0.4.0)
  rainbow
  yajl-ruby (>= 0.7.5)
